PATH
  remote: .
  specs:
    gtrand (0.1.0)

GEM
  remote: https://rubygems.org/
  specs:
    httparty (0.15.6)
      multi_xml (>= 0.5.2)
    multi_xml (0.6.0)
    rake (10.5.0)

PLATFORMS
  ruby

DEPENDENCIES
  bundler (~> 1.16)
  gtrand!
  httparty
  rake (~> 10.0)

BUNDLED WITH
   1.16.0
